GIT
  remote: git://github.com/edap/yourub.git
  revision: ba8435e33457a6c2d861dae8144e215df0579fd7
  ref: ba8435e33457a6c2d861dae8144e215df0579fd7
  specs:
    yourub (1.0.11)
      google-api-client (~> 0.7)
      thor (~> 0.18)

GEM
  remote: https://rubygems.org/
  specs:
    actionmailer (4.1.11)
      actionpack (= 4.1.11)
      actionview (= 4.1.11)
      mail (~> 2.5, >= 2.5.4)
    actionpack (4.1.11)
      actionview (= 4.1.11)
      activesupport (= 4.1.11)
      rack (~> 1.5.2)
      rack-test (~> 0.6.2)
    actionview (4.1.11)
      activesupport (= 4.1.11)
      builder (~> 3.1)
      erubis (~> 2.7.0)
    activemodel (4.1.11)
      activesupport (= 4.1.11)
      builder (~> 3.1)
    activerecord (4.1.11)
      activemodel (= 4.1.11)
      activesupport (= 4.1.11)
      arel (~> 5.0.0)
    activesupport (4.1.11)
      i18n (~> 0.6, >= 0.6.9)
      json (~> 1.7, >= 1.7.7)
      minitest (~> 5.1)
      thread_safe (~> 0.1)
      tzinfo (~> 1.1)
    addressable (2.3.6)
    arel (5.0.1.20140414130214)
    autoparse (0.3.3)
      addressable (>= 2.3.1)
      extlib (>= 0.9.15)
      multi_json (>= 1.0.0)
    autoprefixer-rails (3.1.0.20140911)
      execjs
    bcrypt (3.1.10)
    better_errors (1.1.0)
      coderay (>= 1.0.0)
      erubis (>= 2.6.6)
    binding_of_caller (0.7.2)
      debug_inspector (>= 0.0.1)
    bootstrap-sass (3.2.0.2)
      sass (~> 3.2)
    builder (3.2.2)
    bullet (4.14.0)
      activesupport (>= 3.0.0)
      uniform_notifier (>= 1.6.0)
    byebug (3.1.2)
      columnize (~> 0.8)
      debugger-linecache (~> 1.2)
    coderay (1.1.0)
    coffee-rails (4.0.1)
      coffee-script (>= 2.2.0)
      railties (>= 4.0.0, < 5.0)
    coffee-script (2.3.0)
      coffee-script-source
      execjs
    coffee-script-source (1.8.0)
    columnize (0.8.9)
    daemons (1.2.3)
    debug_inspector (0.0.2)
    debugger-linecache (1.2.0)
    devise (3.5.2)
      bcrypt (~> 3.0)
      orm_adapter (~> 0.1)
      railties (>= 3.2.6, < 5)
      responders
      thread_safe (~> 0.1)
      warden (~> 1.2.3)
    em-hiredis (0.3.0)
      eventmachine (~> 1.0)
      hiredis (~> 0.5.0)
    erubis (2.7.0)
    eventmachine (1.0.7)
    execjs (2.2.1)
    extlib (0.9.16)
    faraday (0.9.0)
      multipart-post (>= 1.2, < 3)
    google-api-client (0.7.1)
      addressable (>= 2.3.2)
      autoparse (>= 0.3.3)
      extlib (>= 0.9.15)
      faraday (>= 0.9.0)
      jwt (>= 0.1.5)
      launchy (>= 2.1.1)
      multi_json (>= 1.0.0)
      retriable (>= 1.4)
      signet (>= 0.5.0)
      uuidtools (>= 2.1.0)
    hike (1.2.3)
    hiredis (0.5.2)
    htmlentities (4.3.2)
    i18n (0.7.0)
    jquery-rails (3.1.2)
      railties (>= 3.0, < 5.0)
      thor (>= 0.14, < 2.0)
    json (1.8.3)
    jwt (1.0.0)
    launchy (2.4.2)
      addressable (~> 2.3)
    lol_dba (1.6.4)
      actionpack (>= 3.0)
      activerecord (>= 3.0)
      railties (>= 3.0)
    mail (2.6.3)
      mime-types (>= 1.16, < 3)
    metaclass (0.0.4)
    mime-types (2.6.1)
    minitest (5.8.0)
    mocha (1.1.0)
      metaclass (~> 0.0.1)
    multi_json (1.11.2)
    multipart-post (2.0.0)
    newrelic_rpm (3.9.4.245)
    orm_adapter (0.5.0)
    pg (0.17.1)
    pubsubstub (0.0.14)
      em-hiredis (~> 0.2)
      eventmachine (~> 1.0)
      redis (~> 3.0)
      sinatra (~> 1.4)
    quiet_assets (1.0.2)
      railties (>= 3.1, < 5.0)
    rack (1.5.5)
    rack-protection (1.5.3)
      rack
    rack-test (0.6.3)
      rack (>= 1.0)
    rails (4.1.11)
      actionmailer (= 4.1.11)
      actionpack (= 4.1.11)
      actionview (= 4.1.11)
      activemodel (= 4.1.11)
      activerecord (= 4.1.11)
      activesupport (= 4.1.11)
      bundler (>= 1.3.0, < 2.0)
      railties (= 4.1.11)
      sprockets-rails (~> 2.0)
    rails_12factor (0.0.2)
      rails_serve_static_assets
      rails_stdout_logging
    rails_serve_static_assets (0.0.2)
    rails_stdout_logging (0.0.3)
    railties (4.1.11)
      actionpack (= 4.1.11)
      activesupport (= 4.1.11)
      rake (>= 0.8.7)
      thor (>= 0.18.1, < 2.0)
    rake (10.4.2)
    redditkit (1.0.1)
      faraday (~> 0.8)
      htmlentities (~> 4.3)
      multi_json (~> 1.8)
    redis (3.1.0)
    responders (1.1.2)
      railties (>= 3.2, < 4.2)
    retriable (1.4.1)
    sass (3.2.19)
    sass-rails (4.0.3)
      railties (>= 4.0.0, < 5.0)
      sass (~> 3.2.0)
      sprockets (~> 2.8, <= 2.11.0)
      sprockets-rails (~> 2.0)
    signet (0.5.1)
      addressable (>= 2.2.3)
      faraday (>= 0.9.0.rc5)
      jwt (>= 0.1.5)
      multi_json (>= 1.0.0)
    simple_token_authentication (1.10.0)
      actionmailer (>= 3.2.6, < 5)
      actionpack (>= 3.2.6, < 5)
      devise (~> 3.2)
    sinatra (1.4.6)
      rack (~> 1.4)
      rack-protection (~> 1.4)
      tilt (>= 1.3, < 3)
    spring (1.1.3)
    sprockets (2.8.0)
      hike (~> 1.2)
      multi_json (~> 1.0)
      rack (~> 1.0)
      tilt (~> 1.1, != 1.3.0)
    sprockets-rails (2.3.2)
      actionpack (>= 3.0)
      activesupport (>= 3.0)
      sprockets (>= 2.8, < 4.0)
    sqlite3 (1.3.9)
    state_machines (0.4.0)
    state_machines-activemodel (0.3.0)
      activemodel (~> 4.1)
      state_machines (>= 0.4.0)
    state_machines-activerecord (0.3.0)
      activerecord (~> 4.1)
      state_machines-activemodel (>= 0.3.0)
    thin (1.6.3)
      daemons (~> 1.0, >= 1.0.9)
      eventmachine (~> 1.0)
      rack (~> 1.0)
    thor (0.19.1)
    thread_safe (0.3.5)
    tilt (1.4.1)
    tzinfo (1.2.2)
      thread_safe (~> 0.1)
    uglifier (2.5.3)
      execjs (>= 0.3.0)
      json (>= 1.8.0)
    uniform_notifier (1.6.2)
    uuidtools (2.1.5)
    warden (1.2.3)
      rack (>= 1.0)
    will_paginate (3.0.7)
    will_paginate-bootstrap (1.0.1)
      will_paginate (>= 3.0.3)
    yt (0.25.5)
      activesupport

PLATFORMS
  ruby

DEPENDENCIES
  autoprefixer-rails
  better_errors
  binding_of_caller
  bootstrap-sass (~> 3.2.0)
  bullet
  byebug
  coffee-rails (~> 4.0.0)
  devise
  jquery-rails
  lol_dba
  mocha
  newrelic_rpm
  pg
  pubsubstub
  quiet_assets
  rails (= 4.1.11)
  rails_12factor
  redditkit (~> 1.0.1)
  redis
  sass-rails (~> 4.0.3)
  simple_token_authentication (~> 1.0)
  spring
  sqlite3
  state_machines
  state_machines-activerecord
  thin
  uglifier (>= 1.3.0)
  will_paginate-bootstrap
  yourub!
  yt
